GEM
  remote: https://rubygems.org/
  specs:
    dalli (2.6.4)
    excon (0.42.1)
    json (1.7.7)
    mandrill-api (1.0.53)
      excon (>= 0.16.0, < 1.0)
      json (>= 1.7.7, < 2.0)
    rack (1.5.2)
    rack-protection (1.5.3)
      rack
    rufus-scheduler (3.0.7)
      tzinfo
    sinatra (1.3.6)
      rack (~> 1.4)
      rack-protection (~> 1.3)
      tilt (~> 1.3, >= 1.3.3)
    thread_safe (0.3.3)
    tilt (1.4.1)
    tzinfo (1.1.0)
      thread_safe (~> 0.1)

PLATFORMS
  ruby

DEPENDENCIES
  dalli
  json (= 1.7.7)
  mandrill-api
  rufus-scheduler
  sinatra (~> 1.3.5)
